GEM
  remote: https://rubygems.org/
  specs:
    jekyll-tagging (0.5.0)
      ruby-nuggets
    ruby-nuggets (0.9.8.1)

PLATFORMS
  ruby

DEPENDENCIES
  jekyll-tagging
